GEM
  remote: http://rubygems.org/
  specs:
    json (2.1.0)
    rack (1.5.2)
    rack-protection (1.5.0)
      rack
    sinatra (1.4.3)
      rack (~> 1.4)
      rack-protection (~> 1.4)
      tilt (~> 1.3, >= 1.3.4)
    tilt (1.4.1)

PLATFORMS
  ruby

DEPENDENCIES
  json
  sinatra (~> 1.x)

RUBY VERSION
   ruby 2.5.1p57

BUNDLED WITH
   1.16.2
